GEM
  remote: https://rubygems.org/
  specs:
    better_errors (2.1.1)
      coderay (>= 1.0.0)
      erubis (>= 2.6.6)
      rack (>= 0.9.0)
    binding_of_caller (0.7.2)
      debug_inspector (>= 0.0.1)
    citrus (3.0.2)
    coderay (1.1.0)
    debug_inspector (0.0.2)
    erubis (2.7.0)
    rack (1.6.4)
    roda (2.7.0)
      rack
    sass (3.4.18)
    sequel (4.24.0)
    slim (3.0.3)
      temple (~> 0.7.3)
      tilt (>= 1.3.3, < 2.1)
    sqlite3 (1.3.10)
    temple (0.7.5)
    tilt (2.0.1)
    toml-rb (0.3.8)
      citrus (~> 3.0, > 3.0)

PLATFORMS
  ruby

DEPENDENCIES
  better_errors
  binding_of_caller
  roda
  sass
  sequel
  slim
  sqlite3
  toml-rb
