GEM
  remote: https://rubygems.org/
  specs:
    citrus (3.0.2)
    rack (1.6.4)
    roda (2.7.0)
      rack
    sass (3.4.18)
    slim (3.0.3)
      temple (~> 0.7.3)
      tilt (>= 1.3.3, < 2.1)
    temple (0.7.5)
    tilt (2.0.1)
    toml-rb (0.3.8)
      citrus (~> 3.0, > 3.0)

PLATFORMS
  ruby

DEPENDENCIES
  roda
  sass
  slim
  toml-rb
